GEM
  remote: https://rubygems.org/
  specs:
    rack (1.5.2)
    rack-protection (1.5.0)
      rack
    sequel (4.0.0)
    sinatra (1.4.3)
      rack (~> 1.4)
      rack-protection (~> 1.4)
      tilt (~> 1.3, >= 1.3.4)
    sqlite3 (1.3.7)
    tilt (1.4.1)

PLATFORMS
  ruby

DEPENDENCIES
  sequel (~> 4.0.0)
  sinatra (~> 1.4.3)
  sqlite3 (~> 1.3.7)
